PATH
  remote: .
  specs:
    fakes3 (2.0.0)
      builder
      rexml
      sorted_set
      thor
      webrick
      xml-simple

GEM
  remote: https://rubygems.org/
  specs:
    aws-eventstream (1.1.1)
    aws-s3 (0.6.3)
      builder
      mime-types
      xml-simple
    aws-sdk (2.11.632)
      aws-sdk-resources (= 2.11.632)
    aws-sdk-core (2.11.632)
      aws-sigv4 (~> 1.0)
      jmespath (~> 1.0)
    aws-sdk-resources (2.11.632)
      aws-sdk-core (= 2.11.632)
    aws-sdk-v1 (1.67.0)
      json (~> 1.4)
      nokogiri (~> 1)
    aws-sigv4 (1.2.3)
      aws-eventstream (~> 1, >= 1.0.2)
    builder (3.2.4)
    domain_name (0.5.20190701)
      unf (>= 0.0.5, < 1.0.0)
    http-accept (1.7.0)
    http-cookie (1.0.3)
      domain_name (~> 0.5)
    jmespath (1.4.0)
    json (1.8.6)
    mime-types (3.3.1)
      mime-types-data (~> 3.2015)
    mime-types-data (3.2021.0225)
    mini_portile2 (2.5.1)
    mocha (1.12.0)
    netrc (0.11.0)
    nokogiri (1.11.3)
      mini_portile2 (~> 2.5.0)
      racc (~> 1.4)
    power_assert (2.0.0)
    racc (1.5.2)
    rake (13.0.3)
    rbtree (0.4.4)
    rest-client (2.1.0)
      http-accept (>= 1.7.0, < 2.0)
      http-cookie (>= 1.0.2, < 2.0)
      mime-types (>= 1.16, < 4.0)
      netrc (~> 0.8)
    rexml (3.2.5)
    right_aws (3.1.0)
      right_http_connection (>= 1.2.5)
    right_http_connection (1.5.1)
    set (1.0.1)
    sorted_set (1.0.3)
      rbtree
      set (~> 1.0)
    test-unit (3.4.1)
      power_assert
    thor (1.1.0)
    unf (0.1.4)
      unf_ext
    unf_ext (0.0.7.7)
    webrick (1.7.0)
    xml-simple (1.1.8)

PLATFORMS
  ruby

DEPENDENCIES
  aws-s3
  aws-sdk (~> 2)
  aws-sdk-v1
  bundler (>= 1.0.0)
  fakes3!
  mocha
  rake
  rest-client
  right_aws
  test-unit

BUNDLED WITH
   1.16.2
