PATH
  remote: .
  specs:
    fakes3 (1.2.0)
      builder
      thor
      xml-simple

GEM
  remote: https://rubygems.org/
  specs:
    aws-s3 (0.6.3)
      builder
      mime-types
      xml-simple
    aws-sdk (2.5.10)
      aws-sdk-resources (= 2.5.10)
    aws-sdk-core (2.5.10)
      jmespath (~> 1.0)
    aws-sdk-resources (2.5.10)
      aws-sdk-core (= 2.5.10)
    aws-sdk-v1 (1.66.0)
      json (~> 1.4)
      nokogiri (>= 1.4.4)
    builder (3.2.2)
    domain_name (0.5.20160826)
      unf (>= 0.0.5, < 1.0.0)
    http-cookie (1.0.2)
      domain_name (~> 0.5)
    jmespath (1.3.1)
    json (1.8.3)
    metaclass (0.0.4)
    mime-types (3.1)
      mime-types-data (~> 3.2015)
    mime-types-data (3.2016.0521)
    mini_portile2 (2.1.0)
    mocha (1.1.0)
      metaclass (~> 0.0.1)
    netrc (0.11.0)
    nokogiri (1.6.8)
      mini_portile2 (~> 2.1.0)
      pkg-config (~> 1.1.7)
    pkg-config (1.1.7)
    power_assert (0.3.1)
    rake (11.2.2)
    rest-client (2.0.0)
      http-cookie (>= 1.0.2, < 2.0)
      mime-types (>= 1.16, < 4.0)
      netrc (~> 0.8)
    right_aws (3.1.0)
      right_http_connection (>= 1.2.5)
    right_http_connection (1.5.0)
    test-unit (3.2.1)
      power_assert
    thor (0.19.4)
    unf (0.1.4)
      unf_ext
    unf_ext (0.0.7.2)
    xml-simple (1.1.5)

PLATFORMS
  ruby

DEPENDENCIES
  aws-s3
  aws-sdk (~> 2)
  aws-sdk-v1
  bundler (>= 1.0.0)
  fakes3!
  mocha
  rake
  rest-client
  right_aws
  test-unit

BUNDLED WITH
   1.14.6
