PATH
  remote: .
  specs:
    fakes3 (0.1.4)
      builder
      thor

GEM
  remote: http://rubygems.org/
  specs:
    aws-s3 (0.6.2)
      builder
      mime-types
      xml-simple
    builder (3.0.0)
    mime-types (1.18)
    rake (0.9.2.2)
    right_aws (3.0.4)
      right_http_connection (>= 1.2.5)
    right_http_connection (1.3.0)
    thor (0.14.6)
    xml-simple (1.1.1)

PLATFORMS
  ruby

DEPENDENCIES
  aws-s3
  bundler (>= 1.0.0)
  fakes3!
  rake
  right_aws
