PATH
  remote: .
  specs:
    fakes3 (0.1.6.0)
      builder
      thor

GEM
  remote: https://rubygems.org/
  specs:
    aws-s3 (0.6.3)
      builder
      mime-types
      xml-simple
    builder (3.2.2)
    mime-types (1.25)
    rake (10.1.0)
    rest-client (1.6.7)
      mime-types (>= 1.16)
    right_aws (3.1.0)
      right_http_connection (>= 1.2.5)
    right_http_connection (1.4.0)
    thor (0.18.1)
    xml-simple (1.1.2)

PLATFORMS
  ruby

DEPENDENCIES
  aws-s3
  bundler (>= 1.0.0)
  fakes3!
  rake
  rest-client
  right_aws
